GEM
  remote: https://rubygems.org/
  specs:
    domain_name (0.5.20170404)
      unf (>= 0.0.5, < 1.0.0)
    http-cookie (1.0.3)
      domain_name (~> 0.5)
    httparty (0.15.2)
      multi_xml (>= 0.5.2)
    json (1.8.3)
    mime-types (2.99.3)
    multi_xml (0.6.0)
    mustermann (1.0.0)
    netrc (0.11.0)
    rack (2.0.2)
    rack-protection (2.0.0)
      rack
    rest-client (1.8.0)
      http-cookie (>= 1.0.2, < 2.0)
      mime-types (>= 1.16, < 3.0)
      netrc (~> 0.7)
    sinatra (2.0.0)
      mustermann (~> 1.0)
      rack (~> 2.0)
      rack-protection (= 2.0.0)
      tilt (~> 2.0)
    telegramAPI (1.4.1)
      rest-client (~> 1.7, >= 1.7.3)
    tilt (2.0.7)
    unf (0.1.4)
      unf_ext
    unf_ext (0.0.7.4)

PLATFORMS
  ruby

DEPENDENCIES
  httparty
  json
  sinatra
  telegramAPI

BUNDLED WITH
   1.13.6
